GIT
  remote: https://github.com/v-yarotsky/shellissimo.git
  revision: 1e770ff272e6441af0fb6749d122c2449b4b94ae
  branch: master
  specs:
    shellissimo (0.1.0)
      json

GEM
  remote: https://rubygems.org/
  specs:
    colorize (0.5.8)
    coveralls (0.6.7)
      colorize
      multi_json (~> 1.3)
      rest-client
      simplecov (>= 0.7)
      thor
    json (1.8.0)
    mime-types (1.23)
    minitest (5.0.4)
    multi_json (1.7.7)
    rake (10.0.4)
    rest-client (1.6.7)
      mime-types (>= 1.16)
    simplecov (0.7.1)
      multi_json (~> 1.0)
      simplecov-html (~> 0.7.1)
    simplecov-html (0.7.1)
    thor (0.18.1)

PLATFORMS
  ruby

DEPENDENCIES
  coveralls (~> 0.6.7)
  minitest (~> 5.0.1)
  rake (~> 10.0.4)
  rest-client (~> 1.6.7)
  shellissimo!
  simplecov (~> 0.7.1)
